PATH
  remote: .
  specs:
    rack-recaptcha2 (1.0.0)
      json

GEM
  remote: http://rubygems.org/
  specs:
    fakeweb (1.3.0)
    json (1.8.2)
    minitest (4.6.2)
    rack (1.3.2)
    rack-test (0.5.7)
      rack (>= 1.0)
    rake (0.9.2.2)
    rr (1.0.3)

PLATFORMS
  java
  ruby

DEPENDENCIES
  fakeweb (~> 1.3.0)
  minitest (~> 4.6)
  rack-recaptcha2!
  rack-test (~> 0.5.7)
  rake (~> 0.9.2)
  rr (~> 1.0.2)
